GIT
  remote: https://github.com/tmm1/em-spec.git
  revision: 3fd70d89f46ee5d6c55b38055a670cf5ab06910b
  specs:
    em-spec (0.1.3)
      bacon (>= 1.1.0)
      eventmachine (>= 0.12.6)
      rspec (>= 1.1.12)

PATH
  remote: vendor/amq-protocol
  specs:
    amq-protocol (0.0.1)

GEM
  remote: http://rubygems.org/
  specs:
    RedCloth (4.2.7)
    ZenTest (4.5.0)
    autotest (4.4.6)
      ZenTest (>= 4.4.1)
    bacon (1.1.0)
    contributors (0.1.1)
    cool.io (1.0.0)
      iobuffer (>= 0.1.3)
    diff-lcs (1.1.2)
    eventmachine (0.12.10)
    iobuffer (1.0.0)
    nake (0.0.8)
      term-ansicolor
    rspec (2.5.0)
      rspec-core (~> 2.5.0)
      rspec-expectations (~> 2.5.0)
      rspec-mocks (~> 2.5.0)
    rspec-core (2.5.1)
    rspec-expectations (2.5.0)
      diff-lcs (~> 1.1.2)
    rspec-mocks (2.5.0)
    term-ansicolor (1.0.5)
    yard (0.6.4)

PLATFORMS
  ruby

DEPENDENCIES
  RedCloth
  amq-protocol!
  autotest
  contributors
  cool.io
  em-spec!
  eventmachine (= 0.12.10)
  nake
  rspec (>= 2.0.0)
  yard
